GEM
  remote: https://rubygems.org/
  specs:
    builder (3.2.2)
    coinbase (1.3.0)
      hashie (>= 1.2.0)
      httparty (>= 0.8.3)
      money (= 5.1.1)
      multi_json (>= 1.3.4)
    columnize (0.3.6)
    daemons (1.1.9)
    debugger (1.6.5)
      columnize (>= 0.3.1)
      debugger-linecache (~> 1.2.0)
      debugger-ruby_core_source (~> 1.3.1)
    debugger-linecache (1.2.0)
    debugger-ruby_core_source (1.3.1)
    eventmachine (1.0.3)
    hashie (2.0.5)
    httparty (0.13.0)
      json (~> 1.8)
      multi_xml (>= 0.5.2)
    i18n (0.6.9)
    json (1.8.1)
    mime-types (2.1)
    money (5.1.1)
      i18n (~> 0.6.0)
    multi_json (1.8.4)
    multi_xml (0.5.5)
    rack (1.5.2)
    rack-protection (1.5.2)
      rack
    rest-client (1.6.7)
      mime-types (>= 1.16)
    sinatra (1.4.4)
      rack (~> 1.4)
      rack-protection (~> 1.4)
      tilt (~> 1.3, >= 1.3.4)
    thin (1.6.1)
      daemons (>= 1.0.9)
      eventmachine (>= 1.0.0)
      rack (>= 1.0.0)
    tilt (1.4.1)
    twilio (3.1.1)
      builder (>= 2.1.2)
      httparty (>= 0.8)
    venmo (0.4.0)

PLATFORMS
  ruby

DEPENDENCIES
  coinbase
  debugger
  json
  rest-client
  sinatra
  thin
  twilio
  venmo
